GEM
  remote: http://rubygems.org/
  remote: http://gems.github.com/
  specs:
    actionmailer (2.3.18)
      actionpack (= 2.3.18)
    actionpack (2.3.18)
      activesupport (= 2.3.18)
      rack (~> 1.1.0)
    activerecord (2.3.18)
      activesupport (= 2.3.18)
    activeresource (2.3.18)
      activesupport (= 2.3.18)
    activesupport (2.3.18)
    ambethia-smtp-tls (1.1.2)
    aws-s3 (0.6.2)
      builder
      mime-types
      xml-simple
    aws-sdk (1.5.8)
      httparty (~> 0.7)
      json (~> 1.4)
      nokogiri (>= 1.4.4)
      uuidtools (~> 2.1)
    builder (3.2.2)
    chunky_png (1.2.6)
    cocaine (0.3.2)
    coderay (1.1.0)
    columnize (0.8.9)
    compass (0.12.2)
      chunky_png (~> 1.2)
      fssm (>= 0.2.7)
      sass (~> 3.1)
    compass-rails (1.0.3)
      compass (>= 0.12.2, < 0.14)
    crack (0.1.4)
    daemons (1.1.8)
    debugger (1.6.8)
      columnize (>= 0.3.1)
      debugger-linecache (~> 1.2.0)
      debugger-ruby_core_source (~> 1.3.5)
    debugger-linecache (1.2.0)
    debugger-ruby_core_source (1.3.5)
    delayed_job (2.0.6)
      daemons
    ey_config (0.0.7)
    fastercsv (1.5.1)
    formtastic (0.2.5)
    friendly_id (2.2.5)
      activerecord (>= 2.2.3)
      activesupport (>= 2.2.3)
    fssm (0.2.9)
    geoip (1.2.1)
    geokit (1.5.0)
    haml (3.1.7)
    has_scope (0.4.2)
    hoe (3.6.0)
      rake (>= 0.8, < 11.0)
    httparty (0.11.0)
      multi_json (~> 1.0)
      multi_xml (>= 0.5.2)
    i18n (0.3.7)
    inherited_resources (1.0.4)
      has_scope (~> 0.4.2)
      responders (~> 0.4.3)
    json (1.7.7)
    libxml-ruby (2.2.2)
    method_source (0.8.2)
    mime-types (1.16)
    multi_json (1.0.4)
    multi_xml (0.5.3)
    mysql2 (0.2.18)
    nokogiri (1.5.5)
    paperclip (2.7.5)
      activerecord (>= 2.3.0)
      activesupport (>= 2.3.2)
      cocaine (~> 0.3.0)
      mime-types
    pry (0.10.0)
      coderay (~> 1.1.0)
      method_source (~> 0.8.1)
      slop (~> 3.4)
    pry-debugger (0.2.3)
      debugger (~> 1.3)
      pry (>= 0.9.10, < 0.11.0)
    rack (1.1.6)
    rails (2.3.18)
      actionmailer (= 2.3.18)
      actionpack (= 2.3.18)
      activerecord (= 2.3.18)
      activeresource (= 2.3.18)
      activesupport (= 2.3.18)
      rake (>= 0.8.3)
    rake (0.9.6)
    redis (2.2.2)
    redis-store (1.0.0.1)
      redis (~> 2.2.1)
    responders (0.4.8)
    roo (1.13.2)
      nokogiri
      rubyzip
      spreadsheet (> 0.6.4)
    ruby-ole (1.2.11.7)
    rubyzip (1.1.0)
    sass (3.2.1)
    sax-machine (0.0.14)
      nokogiri (> 0.0.0)
    sendgrid (0.1.4)
    slop (3.5.0)
    spreadsheet (0.9.8)
      ruby-ole (>= 1.0)
    system_timer (1.2.4)
    test-unit (1.2.3)
      hoe (>= 1.5.1)
    thoughtbot-clearance (0.8.2)
    uuidtools (2.1.4)
    will_paginate (2.3.14)
    xml-simple (1.0.12)
    yfactorial-utility_scopes (0.2.2)
      activerecord (>= 2.1.0)

PLATFORMS
  ruby

DEPENDENCIES
  ambethia-smtp-tls (= 1.1.2)
  aws-s3 (= 0.6.2)
  aws-sdk (~> 1.5.0)
  compass-rails (~> 1.0.3)
  crack (= 0.1.4)
  delayed_job (= 2.0.6)
  ey_config
  fastercsv (= 1.5.1)
  formtastic (~> 0.2.2)
  friendly_id (= 2.2.5)
  geoip (= 1.2.1)
  geokit (= 1.5.0)
  haml (~> 3.1.7)
  has_scope (= 0.4.2)
  i18n (= 0.3.7)
  inherited_resources (= 1.0.4)
  json
  libxml-ruby
  mime-types (= 1.16)
  multi_json (= 1.0.4)
  mysql2 (= 0.2.18)
  paperclip (~> 2.7.0)
  pry
  pry-debugger (~> 0.2.3)
  rails (= 2.3.18)
  rake (~> 0.9.0)
  redis (~> 2.2.1)
  redis-store (= 1.0.0.1)
  responders (= 0.4.8)
  roo (~> 1.13.2)
  sax-machine (= 0.0.14)
  sendgrid (= 0.1.4)
  spreadsheet (= 0.9.8)
  system_timer (~> 1.2.4)
  test-unit (= 1.2.3)
  thoughtbot-clearance (= 0.8.2)
  will_paginate (= 2.3.14)
  xml-simple (= 1.0.12)
  yfactorial-utility_scopes (= 0.2.2)
